PATH
  remote: .
  specs:
    trifle-stats (1.0.0.rc1)
      tzinfo (~> 2.0)

GEM
  remote: https://rubygems.org/
  specs:
    ast (2.4.2)
    bson (4.12.1)
    byebug (11.1.3)
    concurrent-ruby (1.1.10)
    diff-lcs (1.4.4)
    dotenv (2.7.6)
    mongo (2.14.0)
      bson (>= 4.8.2, < 5.0.0)
    parallel (1.20.1)
    parser (3.0.0.0)
      ast (~> 2.4.1)
    pg (1.2.3)
    rainbow (3.0.0)
    rake (12.3.3)
    redis (4.3.1)
    regexp_parser (2.0.3)
    rexml (3.2.4)
    rspec (3.10.0)
      rspec-core (~> 3.10.0)
      rspec-expectations (~> 3.10.0)
      rspec-mocks (~> 3.10.0)
    rspec-core (3.10.1)
      rspec-support (~> 3.10.0)
    rspec-expectations (3.10.1)
      diff-lcs (>= 1.2.0, < 2.0)
      rspec-support (~> 3.10.0)
    rspec-mocks (3.10.1)
      diff-lcs (>= 1.2.0, < 2.0)
      rspec-support (~> 3.10.0)
    rspec-support (3.10.1)
    rubocop (1.0.0)
      parallel (~> 1.10)
      parser (>= 2.7.1.5)
      rainbow (>= 2.2.2, < 4.0)
      regexp_parser (>= 1.8)
      rexml
      rubocop-ast (>= 0.6.0)
      ruby-progressbar (~> 1.7)
      unicode-display_width (>= 1.4.0, < 2.0)
    rubocop-ast (1.4.1)
      parser (>= 2.7.1.5)
    ruby-progressbar (1.11.0)
    tzinfo (2.0.4)
      concurrent-ruby (~> 1.0)
    unicode-display_width (1.7.0)

PLATFORMS
  ruby
  x86_64-darwin-20

DEPENDENCIES
  bundler (~> 2.1)
  byebug
  dotenv
  mongo (>= 2.14.0)
  pg (>= 1.2)
  rake (~> 12.0)
  redis (>= 4.2)
  rspec (~> 3.0)
  rubocop (= 1.0.0)
  trifle-stats!

BUNDLED WITH
   2.2.3
