PATH
  remote: ../..
  specs:
    trifle-stats (1.1.2)
      tzinfo (~> 2.0)

GEM
  remote: https://rubygems.org/
  specs:
    bson (4.15.0)
    byebug (11.1.3)
    concurrent-ruby (1.1.10)
    mongo (2.18.0)
      bson (>= 4.14.1, < 5.0.0)
    pg (1.4.2)
    redis (4.7.1)
    tzinfo (2.0.5)
      concurrent-ruby (~> 1.0)

PLATFORMS
  x86_64-linux

DEPENDENCIES
  byebug
  mongo
  pg
  redis
  trifle-stats!

BUNDLED WITH
   2.3.16
